GEM
  remote: https://rubygems.org/
  specs:
    activesupport (4.1.1)
      i18n (~> 0.6, >= 0.6.9)
      json (~> 1.7, >= 1.7.7)
      minitest (~> 5.1)
      thread_safe (~> 0.1)
      tzinfo (~> 1.1)
    backports (3.6.0)
    builder (3.2.2)
    chunky_png (1.3.1)
    coffee-script (2.2.0)
      coffee-script-source
      execjs
    coffee-script-source (1.7.0)
    commander (4.2.0)
      highline (~> 1.6.11)
    compass (0.12.6)
      chunky_png (~> 1.2)
      fssm (>= 0.2.7)
      sass (~> 3.2.19)
    core_data (0.1.1)
      nokogiri (~> 1.4)
    dotenv (0.7.0)
    excon (0.33.0)
    execjs (2.0.2)
    fog (1.22.0)
      fog-brightbox
      fog-core (~> 1.21, >= 1.21.1)
      fog-json
      nokogiri (~> 1.5, >= 1.5.11)
    fog-brightbox (0.0.2)
      fog-core
      fog-json
    fog-core (1.22.0)
      builder
      excon (~> 0.33)
      formatador (~> 0.2)
      mime-types
      net-scp (~> 1.1)
      net-ssh (>= 2.1.3)
    fog-json (1.0.0)
      multi_json (~> 1.0)
    foreman (0.67.0)
      dotenv (~> 0.7.0)
      thor (~> 0.17.0)
    formatador (0.2.4)
    fssm (0.2.10)
    haml (4.0.5)
      tilt
    helios (0.3.0)
      coffee-script (~> 2.2)
      commander (~> 4.1)
      compass (~> 0.12)
      core_data
      fog (~> 1.10)
      foreman (~> 0.63)
      haml (>= 3.1)
      houston (~> 0.2)
      json (~> 1.7)
      rack-contrib (~> 1.1)
      rack-in-app-purchase (~> 0.1)
      rack-newsstand (~> 0.1)
      rack-passbook (~> 0.1)
      rack-push-notification (~> 0.4)
      rack-scaffold (>= 0.0.3)
      rails-database-url (~> 1.0)
      sinatra (~> 1.3)
      sinatra-assetpack (= 0.2.3)
      sinatra-backbone (~> 0.1.1)
      sinatra-contrib (~> 1.3)
      sinatra-param (~> 0.1)
      sinatra-support (~> 1.2)
      zurb-foundation (= 4.1.2)
    highline (1.6.21)
    houston (0.3.1)
      commander (~> 4.1)
      json
    i18n (0.6.9)
    jsmin (1.0.1)
    json (1.8.1)
    kgio (2.9.2)
    mime-types (2.2)
    mini_portile (0.6.0)
    minitest (5.3.4)
    multi_json (1.10.0)
    net-scp (1.2.1)
      net-ssh (>= 2.6.5)
    net-ssh (2.9.1)
    nokogiri (1.6.2.1)
      mini_portile (= 0.6.0)
    pg (0.17.1)
    plist (3.1.0)
    rack (1.5.2)
    rack-contrib (1.1.0)
      rack (>= 0.9.1)
    rack-in-app-purchase (0.1.1)
      rack (~> 1.4)
      sequel (~> 3.37)
      sinatra (~> 1.3)
      venice
    rack-newsstand (0.1.2)
      builder (>= 3.0)
      plist (~> 3.1)
      rack (~> 1.4)
      sequel (~> 3.37)
      sinatra (~> 1.3)
    rack-passbook (0.2.0)
      rack (~> 1.4)
      sequel (~> 3.37)
      sinatra (~> 1.3)
    rack-protection (1.5.3)
      rack
    rack-push-notification (0.5.0)
      rack (~> 1.4)
      rack-contrib (~> 1.1)
      sequel (>= 3.0)
      sinatra (~> 1.3)
      sinatra-param (~> 0.1)
    rack-scaffold (0.1.0)
      activesupport (>= 3.0)
      rack (~> 1.4)
      rack-contrib (~> 1.1)
      sinatra (~> 1.4)
      sinatra-contrib (~> 1.4)
      sinatra-param (~> 0.1)
    rack-test (0.6.2)
      rack (>= 1.0)
    rails-database-url (1.0.0)
    raindrops (0.13.0)
    sass (3.2.19)
    sequel (3.48.0)
    sinatra (1.4.5)
      rack (~> 1.4)
      rack-protection (~> 1.4)
      tilt (~> 1.3, >= 1.3.4)
    sinatra-assetpack (0.2.3)
      backports
      jsmin
      rack-test
      sinatra
      tilt (>= 1.3.0)
    sinatra-backbone (0.1.1)
      sinatra
    sinatra-contrib (1.4.2)
      backports (>= 2.0)
      multi_json
      rack-protection
      rack-test
      sinatra (~> 1.4.0)
      tilt (~> 1.3)
    sinatra-param (0.1.3)
      sinatra (~> 1.3)
    sinatra-support (1.2.2)
      sinatra (>= 1.0)
    terminal-table (1.4.5)
    thor (0.17.0)
    thread_safe (0.3.3)
    tilt (1.4.1)
    tzinfo (1.1.0)
      thread_safe (~> 0.1)
    unicorn (4.8.3)
      kgio (~> 2.6)
      rack
      raindrops (~> 0.7)
    venice (0.2.0)
      commander (~> 4.1)
      json
      terminal-table (~> 1.4)
    zurb-foundation (4.1.2)
      sass (>= 3.2.0)

PLATFORMS
  ruby

DEPENDENCIES
  helios
  pg
  unicorn
